PATH
  remote: .
  specs:
    smtuc (0.0.4)
      faraday (~> 0.11.0)

GEM
  remote: https://rubygems.org/
  specs:
    faraday (0.11.0)
      multipart-post (>= 1.2, < 3)
    minitest (5.11.3)
    multipart-post (2.0.0)
    rake (10.5.0)

PLATFORMS
  ruby

DEPENDENCIES
  bundler (~> 1.16)
  minitest (~> 5.0)
  rake (~> 10.0)
  smtuc!

BUNDLED WITH
   1.16.2
